GEM
  remote: http://rubygems.org/
  specs:
    builder (3.2.2)
    diff-lcs (1.2.5)
    facter (2.5.7)
    facter (2.5.7-x86-mingw32)
      ffi (~> 1.9)
    ffi (1.9.0-x86-mingw32)
    hiera (1.3.4)
      json_pure
    json_pure (2.3.0)
    metaclass (0.0.4)
    minitar (0.5.4)
    mocha (1.0.0)
      metaclass (~> 0.0.1)
    puppet (3.6.2)
      facter (> 1.6, < 3)
      hiera (~> 1.0)
      json_pure
      rgen (~> 0.6.5)
    puppet (3.6.2-x86-mingw32)
      facter (> 1.6, < 3)
      ffi (= 1.9.0)
      hiera (~> 1.0)
      json_pure
      minitar (~> 0.5.4)
      rgen (~> 0.6.5)
      sys-admin (= 1.5.6)
      win32-api (= 1.4.8)
      win32-dir (~> 0.4.3)
      win32-eventlog (~> 0.5.3)
      win32-process (~> 0.6.5)
      win32-security (~> 0.1.4)
      win32-service (= 0.7.2)
      win32-taskscheduler (~> 0.2.2)
      win32console (= 1.3.2)
      windows-api (~> 0.4.2)
      windows-pr (~> 1.2.2)
    puppet-lint (0.3.2)
    puppetlabs_spec_helper (0.4.1)
      mocha (>= 0.10.5)
      rake
      rspec (>= 2.9.0)
      rspec-puppet (>= 0.1.1)
    rake (10.1.1)
    rgen (0.6.6)
    rspec (2.14.1)
      rspec-core (~> 2.14.0)
      rspec-expectations (~> 2.14.0)
      rspec-mocks (~> 2.14.0)
    rspec-core (2.14.8)
    rspec-expectations (2.14.5)
      diff-lcs (>= 1.1.3, < 2.0)
    rspec-mocks (2.14.6)
    rspec-puppet (1.0.1)
      rspec
    sys-admin (1.5.6-x86-mingw32)
      win32-security (>= 0.1.2)
    win32-api (1.4.8-x86-mingw32)
    win32-dir (0.4.9)
      ffi (>= 1.0.0)
    win32-eventlog (0.5.3)
      windows-pr (>= 0.9.3)
    win32-process (0.6.6)
      windows-pr (>= 1.2.2)
    win32-security (0.1.4)
      windows-pr (>= 1.2.2)
    win32-service (0.7.2-x86-mingw32)
      windows-pr (>= 1.0.8)
    win32-taskscheduler (0.2.2)
    win32console (1.3.2-x86-mingw32)
    windows-api (0.4.4)
      win32-api (>= 1.4.5)
    windows-pr (1.2.6)
      win32-api (>= 1.4.5)
      windows-api (>= 0.4.0)
    yarjuf (1.0.5)
      builder
      rspec (>= 2.0)

PLATFORMS
  ruby
  x86-mingw32

DEPENDENCIES
  puppet (>= 3.0.1)
  puppet-lint (>= 0.1.12)
  puppetlabs_spec_helper
  rake (>= 0.9.2.2)
  rspec-puppet (>= 0.1.3)
  yarjuf
